PATH
  remote: .
  specs:
    rajaongkir_api (0.1.0)
      faraday

GEM
  remote: https://rubygems.org/
  specs:
    diff-lcs (1.4.4)
    faraday (1.0.1)
      multipart-post (>= 1.2, < 3)
    multipart-post (2.1.1)
    rake (12.3.3)
    rspec (3.9.0)
      rspec-core (~> 3.9.0)
      rspec-expectations (~> 3.9.0)
      rspec-mocks (~> 3.9.0)
    rspec-core (3.9.3)
      rspec-support (~> 3.9.3)
    rspec-expectations (3.9.2)
      diff-lcs (>= 1.2.0, < 2.0)
      rspec-support (~> 3.9.0)
    rspec-mocks (3.9.1)
      diff-lcs (>= 1.2.0, < 2.0)
      rspec-support (~> 3.9.0)
    rspec-support (3.9.3)

PLATFORMS
  ruby

DEPENDENCIES
  rajaongkir_api!
  rake (~> 12.0)
  rspec (~> 3.0)

BUNDLED WITH
   1.17.3
